GEM
  remote: https://rubygems.org/
  specs:
    diff-lcs (1.3)
    facter (1.7.0)
    metaclass (0.0.4)
    mocha (1.3.0)
      metaclass (~> 0.0.1)
    puppet (2.7.26)
      facter (~> 1.5)
    puppet-lint (1.1.0)
    puppet-syntax (2.4.1)
      rake
    puppetlabs_spec_helper (1.1.1)
      mocha
      puppet-lint
      puppet-syntax
      rake
      rspec-puppet
    rake (10.5.0)
    rspec (3.1.0)
      rspec-core (~> 3.1.0)
      rspec-expectations (~> 3.1.0)
      rspec-mocks (~> 3.1.0)
    rspec-core (3.1.7)
      rspec-support (~> 3.1.0)
    rspec-expectations (3.1.2)
      diff-lcs (>= 1.2.0, < 2.0)
      rspec-support (~> 3.1.0)
    rspec-mocks (3.1.3)
      rspec-support (~> 3.1.0)
    rspec-puppet (2.6.9)
      rspec
    rspec-support (3.1.2)

PLATFORMS
  ruby

DEPENDENCIES
  puppet (~> 2)
  puppet-lint
  puppetlabs_spec_helper
  rake
  rspec (~> 3.1.0)
  rspec-puppet
